NUGET
  remote: https://api.nuget.org/v3/index.json
    FSharp.Core (9.0.100) - restriction: || (>= net45) (>= netstandard2.0)
    FSharpPlus (1.6.1)
      FSharp.Core (>= 4.6.2) - restriction: >= net45
      FSharp.Core (>= 6.0.6) - restriction: || (&& (< net45) (>= netstandard2.0)) (>= netstandard2.1)
      System.ValueTuple (>= 4.4) - restriction: >= net45
    System.ValueTuple (4.5) - restriction: >= net45
